{
	"Modality": "MR",
	"MagneticFieldStrength": 3,
	"ImagingFrequency": 123.222,
	"Manufacturer": "Siemens",
	"ManufacturersModelName": "Skyra",
	"InstitutionName": "Radiologie_CHUV",
	"InstitutionAddress": "Address",
	"DeviceSerialNumber": "45151",
	"StationName": "MRC45151",
	"BodyPartExamined": "BRAIN",
	"PatientPosition": "HFS",
	"ProcedureStepDescription": "SK_Neuro_II_1+2+12+13+16+19+20_Vasculaire.",
	"SoftwareVersions": "syngo_MR_D11",
	"MRAcquisitionType": "3D",
	"SeriesDescription": "TOF3d_Willis",
	"ProtocolName": "TOF3d_Willis",
	"ScanningSequence": "GR",
	"SequenceVariant": "SP_OSP",
	"ScanOptions": "PFP_SAT1",
	"SequenceName": "_fl3d1r_t70",
	"ImageType": ["ORIGINAL", "PRIMARY", "M", "ND", "NORM"],
	"SeriesNumber": 13,
	"AcquisitionTime": "08:01:5.805000",
	"AcquisitionNumber": 1,
	"SliceThickness": 0.5,
	"SpacingBetweenSlices": 16,
	"SAR": 0.413392,
	"EchoTime": 0.00343,
	"RepetitionTime": 0.021,
	"FlipAngle": 18,
	"PartialFourier": 0.875,
	"Interpolation2D": 1,
	"BaseResolution": 384,
	"ShimSetting": [
		431,
		2473,
		1689,
		39,
		519,
		-99,
		-128,
		-93	],
	"TxRefAmp": 296.302,
	"PhaseResolution": 0.95,
	"ReceiveCoilName": "Head_32",
	"ReceiveCoilActiveElements": "HEA;HEP",
	"PulseSequenceDetails": "%SiemensSeq%_fl_tof",
	"ConsistencyInfo": "N4_VD11D_LATEST_20110129",
	"PercentPhaseFOV": 84.8958,
	"PhaseEncodingSteps": 270,
	"AcquisitionMatrixPE": 310,
	"ReconMatrixPE": 768,
	"PixelBandwidth": 185,
	"DwellTime": 7e-06,
	"ImageOrientationPatientDICOM": [
		0.999707,
		-0.0112511,
		0.0214105,
		0.0124037,
		0.998437,
		-0.0544868	],
	"InPlanePhaseEncodingDirectionDICOM": "ROW",
	"ConversionSoftware": "dcm2niix",
	"ConversionSoftwareVersion": "v1.0.20181125  GCC5.3.1"
}
