{
	"Modality": "MR",
	"MagneticFieldStrength": 3,
	"ImagingFrequency": 123.257,
	"Manufacturer": "Siemens",
	"ManufacturersModelName": "Verio",
	"InstitutionName": "Verio_CHUV_Lausanne",
	"InstitutionAddress": "Address",
	"DeviceSerialNumber": "40183",
	"StationName": "MRC40183",
	"PatientPosition": "HFS",
	"ProcedureStepDescription": "IRM_CERVEAU",
	"SoftwareVersions": "syngo_MR_B17",
	"MRAcquisitionType": "2D",
	"SeriesDescription": "T1_gre_sag_35_3",
	"ProtocolName": "T1_gre_sag_35_3",
	"ScanningSequence": "GR",
	"SequenceVariant": "SP_OSP",
	"SequenceName": "fl2d1",
	"ImageType": ["ORIGINAL", "PRIMARY", "M", "ND", "NORM"],
	"SeriesNumber": 2,
	"AcquisitionTime": "07:38:53.590000",
	"AcquisitionNumber": 1,
	"SliceThickness": 3,
	"SpacingBetweenSlices": 3.9,
	"SAR": 0.42172,
	"EchoTime": 0.00272,
	"RepetitionTime": 0.4,
	"FlipAngle": 90,
	"PartialFourier": 1,
	"BaseResolution": 448,
	"ShimSetting": [
		-5025,
		9365,
		-7836,
		-29,
		187,
		70,
		75,
		-214	],
	"TxRefAmp": 481.038,
	"PhaseResolution": 0.65,
	"PhaseOversampling": 0.08,
	"ReceiveCoilName": "HeadMatrix",
	"CoilString": "T:HEA;HEP",
	"PulseSequenceDetails": "%SiemensSeq%_gre",
	"PercentPhaseFOV": 93.75,
	"PhaseEncodingSteps": 295,
	"AcquisitionMatrixPE": 273,
	"ReconMatrixPE": 448,
	"ParallelReductionFactorInPlane": 2,
	"PixelBandwidth": 319,
	"DwellTime": 3.5e-06,
	"PhaseEncodingDirection": "i",
	"ImageOrientationPatientDICOM": [
		-0.0104717,
		0.999945,
		0,
		0,
		0,
		-1	],
	"InPlanePhaseEncodingDirectionDICOM": "ROW",
	"ConversionSoftware": "dcm2niix",
	"ConversionSoftwareVersion": "v1.0.20181125  GCC5.3.1"
}
