{
	"Modality": "MR",
	"MagneticFieldStrength": 3,
	"ImagingFrequency": 123.257,
	"Manufacturer": "Siemens",
	"ManufacturersModelName": "Verio",
	"InstitutionName": "CHUV",
	"InstitutionAddress": "Address",
	"DeviceSerialNumber": "40183",
	"StationName": "MRC40183",
	"PatientPosition": "HFS",
	"ProcedureStepDescription": "IRM_CERVEAU",
	"SoftwareVersions": "syngo_MR_B17",
	"MRAcquisitionType": "2D",
	"SeriesDescription": "T1_gre_tra_43_3",
	"ProtocolName": "T1_gre_tra_43_3",
	"ScanningSequence": "GR",
	"SequenceVariant": "SP_OSP",
	"SequenceName": "_fl2d1",
	"ImageType": ["ORIGINAL", "PRIMARY", "M", "ND", "NORM"],
	"SeriesNumber": 9,
	"AcquisitionTime": "13:28:42.680000",
	"AcquisitionNumber": 1,
	"SliceThickness": 3,
	"SpacingBetweenSlices": 3.3,
	"SAR": 0.597291,
	"EchoTime": 0.00272,
	"RepetitionTime": 0.4,
	"FlipAngle": 90,
	"PartialFourier": 1,
	"BaseResolution": 448,
	"ShimSetting": [
		-5031,
		9357,
		-7852,
		-21,
		179,
		63,
		88,
		-205	],
	"TxRefAmp": 512.691,
	"PhaseResolution": 0.65,
	"PhaseOversampling": 0.08,
	"ReceiveCoilName": "32Ch_Head",
	"CoilString": "C:HEA;HEP",
	"PulseSequenceDetails": "%SiemensSeq%_gre",
	"PercentPhaseFOV": 84.375,
	"PhaseEncodingSteps": 266,
	"AcquisitionMatrixPE": 246,
	"ReconMatrixPE": 448,
	"ParallelReductionFactorInPlane": 2,
	"PixelBandwidth": 319,
	"DwellTime": 3.5e-06,
	"PhaseEncodingDirection": "i",
	"ImageOrientationPatientDICOM": [
		0.999048,
		0.0436194,
		0,
		-0.0436194,
		0.999048,
		0	],
	"InPlanePhaseEncodingDirectionDICOM": "ROW",
	"ConversionSoftware": "dcm2niix",
	"ConversionSoftwareVersion": "v1.0.20181125  GCC5.3.1"
}
