{
	"Modality": "MR",
	"MagneticFieldStrength": 3,
	"ImagingFrequency": 127.796,
	"Manufacturer": "Philips",
	"ManufacturersModelName": "Intera",
	"InstitutionName": "CHUV_Lausanne",
	"DeviceSerialNumber": "10736",
	"StationName": "PHILIPS_IRM1",
	"BodyPartExamined": "HEAD",
	"PatientPosition": "HFS",
	"ProcedureStepDescription": "IRM_CERVEAU",
	"SoftwareVersions": "2.6.1_2.6.1.1",
	"MRAcquisitionType": "2D",
	"SeriesDescription": "T1_gre_sag_35-3",
	"ProtocolName": "T1_gre_sag_35-3_CLEAR",
	"ScanningSequence": "GR",
	"SequenceVariant": "SS",
	"ScanOptions": "PFF",
	"ImageType": ["ORIGINAL", "PRIMARY", "M", "FFE", "M", "FFE"],
	"SeriesNumber": 301,
	"AcquisitionTime": "09:46:5.510000",
	"AcquisitionNumber": 3,
	"PhilipsRescaleSlope": 4.06764,
	"PhilipsRescaleIntercept": 0,
	"PhilipsScaleSlope": 0.0422316,
	"UsePhilipsFloatNotDisplayScaling": 1,
	"SliceThickness": 3,
	"SpacingBetweenSlices": 4,
	"SAR": 3.19999,
	"EchoTime": 0.00290807,
	"RepetitionTime": 0.378697,
	"FlipAngle": 90,
	"CoilString": "SENSE-Head-8",
	"PercentPhaseFOV": 95.1219,
	"PhaseEncodingSteps": 332,
	"AcquisitionMatrixPE": 332,
	"ReconMatrixPE": 784,
	"PixelBandwidth": 216.878,
	"PhaseEncodingAxis": "i",
	"ImageOrientationPatientDICOM": [
		-0.000362733,
		0.99935,
		-0.0360358,
		0.00815024,
		-0.0360316,
		-0.999317	],
	"InPlanePhaseEncodingDirectionDICOM": "ROW",
	"ConversionSoftware": "dcm2niix",
	"ConversionSoftwareVersion": "v1.0.20181125  GCC5.3.1"
}
