{
	"Modality": "MR",
	"MagneticFieldStrength": 3,
	"ImagingFrequency": 123.252,
	"Manufacturer": "Siemens",
	"ManufacturersModelName": "Prisma_fit",
	"InstitutionAddress": "Address",
	"DeviceSerialNumber": "67014",
	"StationName": "MRAWP67014",
	"BodyPartExamined": "BRAIN",
	"PatientPosition": "HFS",
	"ProcedureStepDescription": "IRM_CERVEAU",
	"SoftwareVersions": "syngo_MR_D13D",
	"MRAcquisitionType": "3D",
	"SeriesDescription": "TOF_3D_multi-slab",
	"ProtocolName": "TOF_3D_multi-slab",
	"ScanningSequence": "GR",
	"SequenceVariant": "SP_OSP",
	"ScanOptions": "SAT1",
	"SequenceName": "_fl3d1r_t50",
	"ImageType": ["ORIGINAL", "PRIMARY", "M", "ND", "NORM"],
	"SeriesNumber": 7,
	"AcquisitionTime": "08:26:4.047500",
	"AcquisitionNumber": 1,
	"SliceThickness": 0.5,
	"SpacingBetweenSlices": 16,
	"SAR": 0.378511,
	"EchoTime": 0.0033,
	"RepetitionTime": 0.02,
	"FlipAngle": 18,
	"PartialFourier": 1,
	"Interpolation2D": 1,
	"BaseResolution": 384,
	"ShimSetting": [
		8206,
		-5515,
		-6204,
		118,
		-16,
		-25,
		5,
		26	],
	"TxRefAmp": 276.994,
	"PhaseResolution": 0.8,
	"ReceiveCoilName": "HeadNeck_64",
	"ReceiveCoilActiveElements": "HC3-7;NC1",
	"PulseSequenceDetails": "%SiemensSeq%_fl_tof",
	"ConsistencyInfo": "N4_VD13D_LATEST_20130810",
	"PercentPhaseFOV": 90.625,
	"PhaseEncodingSteps": 278,
	"AcquisitionMatrixPE": 278,
	"ReconMatrixPE": 768,
	"PixelBandwidth": 185,
	"DwellTime": 7e-06,
	"ImageOrientationPatientDICOM": [
		0.996149,
		0.0864379,
		-0.0146724,
		-0.0818984,
		0.977138,
		0.196201	],
	"InPlanePhaseEncodingDirectionDICOM": "ROW",
	"ConversionSoftware": "dcm2niix",
	"ConversionSoftwareVersion": "v1.0.20181114  GCC7.3.0"
}
