{
	"Modality": "MR",
	"MagneticFieldStrength": 3,
	"ImagingFrequency": 127.796,
	"Manufacturer": "Philips",
	"ManufacturersModelName": "Intera",
	"InstitutionName": "Radiologie_CHUV",
	"DeviceSerialNumber": "10736",
	"StationName": "philips_irm1",
	"BodyPartExamined": "HEAD_AND_NECK",
	"PatientPosition": "HFS",
	"ProcedureStepDescription": "IRM_CERVEAU",
	"SoftwareVersions": "2.6.3_2.6.3.5",
	"MRAcquisitionType": "2D",
	"SeriesDescription": "T1_gre_sag_35-3",
	"ProtocolName": "T1_gre_sag_35-3_CLEAR",
	"ScanningSequence": "GR",
	"SequenceVariant": "SS",
	"ScanOptions": "PFF",
	"ImageType": ["ORIGINAL", "PRIMARY", "M", "FFE", "M", "FFE"],
	"SeriesNumber": 401,
	"AcquisitionTime": "08:45:39.370000",
	"AcquisitionNumber": 4,
	"PhilipsRescaleSlope": 4.17729,
	"PhilipsRescaleIntercept": 0,
	"PhilipsScaleSlope": 0.0651927,
	"UsePhilipsFloatNotDisplayScaling": 1,
	"SliceThickness": 3,
	"SpacingBetweenSlices": 4,
	"SAR": 3.19999,
	"EchoTime": 0.002908,
	"RepetitionTime": 0.378697,
	"FlipAngle": 90,
	"CoilString": "SENSE-NV-16",
	"PercentPhaseFOV": 103.659,
	"PhaseEncodingSteps": 344,
	"AcquisitionMatrixPE": 344,
	"ReconMatrixPE": 800,
	"PixelBandwidth": 217,
	"PhaseEncodingAxis": "i",
	"ImageOrientationPatientDICOM": [
		-0.0888673,
		0.994687,
		-0.05197,
		0.0303767,
		-0.0494456,
		-0.998315	],
	"InPlanePhaseEncodingDirectionDICOM": "ROW",
	"ConversionSoftware": "dcm2niix",
	"ConversionSoftwareVersion": "v1.0.20181125  GCC5.3.1"
}
