{
	"Modality": "MR",
	"MagneticFieldStrength": 3,
	"ImagingFrequency": 127.795,
	"Manufacturer": "Philips",
	"ManufacturersModelName": "Intera",
	"InstitutionName": "Radiologie_CHUV",
	"DeviceSerialNumber": "10736",
	"StationName": "philips_irm1",
	"BodyPartExamined": "BRAIN",
	"PatientPosition": "HFS",
	"ProcedureStepDescription": "IRM_CERVEAU",
	"SoftwareVersions": "2.6.3_2.6.3.5",
	"MRAcquisitionType": "3D",
	"SeriesDescription": "EPI_GRE_3D_Willis",
	"ProtocolName": "EPI_GRE_3D_Willis_SENSE",
	"ScanningSequence": "GR",
	"SequenceVariant": "SP",
	"ScanOptions": "SP",
	"ImageType": ["ORIGINAL", "PRIMARY", "M", "FFE", "M", "FFE"],
	"SeriesNumber": 801,
	"AcquisitionTime": "09:08:38.090000",
	"AcquisitionNumber": 8,
	"PhilipsRescaleSlope": 3.58584,
	"PhilipsRescaleIntercept": 0,
	"PhilipsScaleSlope": 0.000901904,
	"UsePhilipsFloatNotDisplayScaling": 1,
	"SliceThickness": 1.1,
	"SpacingBetweenSlices": 0.55,
	"SAR": 3.2,
	"EchoTime": 0.003361,
	"RepetitionTime": 0.0182705,
	"FlipAngle": 20,
	"CoilString": "SENSE-NV-16",
	"PercentPhaseFOV": 89.6552,
	"PhaseEncodingSteps": 355,
	"AcquisitionMatrixPE": 355,
	"ReconMatrixPE": 512,
	"PixelBandwidth": 87,
	"ImageOrientationPatientDICOM": [
		0.999497,
		-0.018562,
		-0.0257022,
		0.020639,
		0.996331,
		0.0830524	],
	"InPlanePhaseEncodingDirectionDICOM": "ROW",
	"ConversionSoftware": "dcm2niix",
	"ConversionSoftwareVersion": "v1.0.20181125  GCC5.3.1"
}
