{
	"Modality": "MR",
	"MagneticFieldStrength": 1.5,
	"ImagingFrequency": 63.6696,
	"Manufacturer": "Siemens",
	"ManufacturersModelName": "Aera",
	"InstitutionAddress": "Address",
	"DeviceSerialNumber": "41200",
	"StationName": "AWP41200",
	"BodyPartExamined": "BRAIN",
	"PatientPosition": "HFS",
	"ProcedureStepDescription": "IRM_CERVEAU",
	"SoftwareVersions": "syngo_MR_D13",
	"MRAcquisitionType": "3D",
	"SeriesDescription": "TOF_3D_multi-slab",
	"ProtocolName": "TOF_3D_multi-slab",
	"ScanningSequence": "GR",
	"SequenceVariant": "SP_OSP",
	"ScanOptions": "SAT1",
	"SequenceName": "_fl3d1r_t50",
	"ImageType": ["ORIGINAL", "PRIMARY", "M", "ND", "NORM"],
	"SeriesNumber": 21,
	"AcquisitionTime": "10:47:24.957500",
	"AcquisitionNumber": 1,
	"SliceThickness": 0.5,
	"SpacingBetweenSlices": 18,
	"SAR": 0.0645342,
	"EchoTime": 0.007,
	"RepetitionTime": 0.024,
	"FlipAngle": 25,
	"PartialFourier": 1,
	"Interpolation2D": 1,
	"BaseResolution": 256,
	"ShimSetting": [
		-897,
		-1,
		4565,
		-1461,
		-34,
		8,
		31,
		129	],
	"TxRefAmp": 330.696,
	"PhaseResolution": 0.94,
	"ReceiveCoilName": "HeadNeck_20",
	"ReceiveCoilActiveElements": "HE1-4",
	"PulseSequenceDetails": "%SiemensSeq%_fl_tof",
	"ConsistencyInfo": "N4_VD13A_LATEST_20120616",
	"PercentPhaseFOV": 100,
	"PhaseEncodingSteps": 241,
	"AcquisitionMatrixPE": 241,
	"ReconMatrixPE": 512,
	"PixelBandwidth": 100,
	"DwellTime": 1.95e-05,
	"ImageOrientationPatientDICOM": [
		0.997103,
		0.0273892,
		0.0709583,
		-0.0241945,
		0.998671,
		-0.0454979	],
	"InPlanePhaseEncodingDirectionDICOM": "ROW",
	"ConversionSoftware": "dcm2niix",
	"ConversionSoftwareVersion": "v1.0.20181125  GCC5.3.1"
}
