{
	"Modality": "MR",
	"MagneticFieldStrength": 3,
	"ImagingFrequency": 123.257,
	"Manufacturer": "Siemens",
	"ManufacturersModelName": "Verio",
	"InstitutionName": "Verio_CHUV_Lausanne",
	"InstitutionAddress": "Address",
	"DeviceSerialNumber": "40183",
	"StationName": "MRC40183",
	"PatientPosition": "HFS",
	"ProcedureStepDescription": "IRM_CERVEAU",
	"SoftwareVersions": "syngo_MR_B17",
	"MRAcquisitionType": "3D",
	"SeriesDescription": "TOF_3D_multi-slab",
	"ProtocolName": "TOF_3D_multi-slab",
	"ScanningSequence": "GR",
	"SequenceVariant": "TOF_SP_OSP",
	"ScanOptions": "PFP_SAT1",
	"SequenceName": "fl3d1r_t70",
	"ImageType": ["ORIGINAL", "PRIMARY", "M", "ND"],
	"SeriesNumber": 5,
	"AcquisitionTime": "10:35:39.650000",
	"AcquisitionNumber": 1,
	"SliceThickness": 0.7,
	"SpacingBetweenSlices": 21,
	"SAR": 0.282691,
	"EchoTime": 0.00395,
	"RepetitionTime": 0.022,
	"FlipAngle": 18,
	"PartialFourier": 0.875,
	"BaseResolution": 448,
	"ShimSetting": [
		-5022,
		9317,
		-7788,
		-48,
		182,
		45,
		24,
		-221	],
	"TxRefAmp": 519.395,
	"PhaseResolution": 0.7,
	"ReceiveCoilName": "NeckMatrix",
	"CoilString": "d:HEA;HEP;NE2",
	"PulseSequenceDetails": "%SiemensSeq%_fl_tof",
	"PercentPhaseFOV": 78.125,
	"PhaseEncodingSteps": 214,
	"AcquisitionMatrixPE": 245,
	"ReconMatrixPE": 448,
	"PixelBandwidth": 177,
	"DwellTime": 6.3e-06,
	"ImageOrientationPatientDICOM": [
		0.995883,
		-0.0891546,
		-0.0163916,
		0.0906324,
		0.982733,
		0.161313	],
	"InPlanePhaseEncodingDirectionDICOM": "ROW",
	"ConversionSoftware": "dcm2niix",
	"ConversionSoftwareVersion": "v1.0.20181125  GCC5.3.1"
}
