{
	"Modality": "MR",
	"MagneticFieldStrength": 3,
	"ImagingFrequency": 123.257,
	"Manufacturer": "Siemens",
	"ManufacturersModelName": "Verio",
	"InstitutionName": "Radiologie_CHUV",
	"InstitutionAddress": "Address",
	"DeviceSerialNumber": "40183",
	"StationName": "MRC40183",
	"PatientPosition": "HFS",
	"ProcedureStepDescription": "IRM_CERVEAU",
	"SoftwareVersions": "syngo_MR_B17",
	"MRAcquisitionType": "3D",
	"SeriesDescription": "TOF_3D_multi-slab",
	"ProtocolName": "TOF_3D_multi-slab",
	"ScanningSequence": "GR",
	"SequenceVariant": "TOF_SP_OSP",
	"ScanOptions": "PFP_SAT1",
	"SequenceName": "fl3d1r_t70",
	"ImageType": ["ORIGINAL", "PRIMARY", "M", "ND"],
	"SeriesNumber": 7,
	"AcquisitionTime": "14:57:13.582500",
	"AcquisitionNumber": 1,
	"SliceThickness": 0.7,
	"SpacingBetweenSlices": 21,
	"SAR": 0.299814,
	"EchoTime": 0.00395,
	"RepetitionTime": 0.022,
	"FlipAngle": 18,
	"PartialFourier": 0.875,
	"BaseResolution": 448,
	"ShimSetting": [
		-5025,
		9365,
		-7836,
		-29,
		187,
		70,
		75,
		-214	],
	"TxRefAmp": 505.865,
	"PhaseResolution": 0.7,
	"ReceiveCoilName": "HeadMatrix",
	"CoilString": "d:HEA;HEP",
	"PulseSequenceDetails": "%SiemensSeq%_fl_tof",
	"PercentPhaseFOV": 78.125,
	"PhaseEncodingSteps": 214,
	"AcquisitionMatrixPE": 245,
	"ReconMatrixPE": 448,
	"PixelBandwidth": 177,
	"DwellTime": 6.3e-06,
	"ImageOrientationPatientDICOM": [
		0.993553,
		0.0388681,
		0.106495,
		-0.0503312,
		0.992967,
		0.10716	],
	"InPlanePhaseEncodingDirectionDICOM": "ROW",
	"ConversionSoftware": "dcm2niix",
	"ConversionSoftwareVersion": "v1.0.20181125  GCC5.3.1"
}
