{
	"Modality": "MR",
	"MagneticFieldStrength": 3,
	"ImagingFrequency": 123.248,
	"Manufacturer": "Siemens",
	"ManufacturersModelName": "Skyra",
	"InstitutionAddress": "Address",
	"DeviceSerialNumber": "45335",
	"StationName": "AWP45335",
	"BodyPartExamined": "BRAIN",
	"PatientPosition": "HFS",
	"ProcedureStepDescription": "IRM_CERVEAU",
	"SoftwareVersions": "syngo_MR_D13",
	"MRAcquisitionType": "2D",
	"SeriesDescription": "T1_gre_sag_35_3_16_canaux",
	"ProtocolName": "T1_gre_sag_35_3_16_canaux",
	"ScanningSequence": "GR",
	"SequenceVariant": "SP",
	"SequenceName": "_fl2d1",
	"ImageType": ["ORIGINAL", "PRIMARY", "M", "ND", "NORM"],
	"SeriesNumber": 5,
	"AcquisitionTime": "11:34:6.135000",
	"AcquisitionNumber": 1,
	"SliceThickness": 3,
	"SpacingBetweenSlices": 3.9,
	"SAR": 0.678769,
	"EchoTime": 0.00246,
	"RepetitionTime": 0.4,
	"FlipAngle": 90,
	"PartialFourier": 1,
	"BaseResolution": 320,
	"ShimSetting": [
		-11218,
		14977,
		-15534,
		-75,
		-263,
		-138,
		330,
		-93	],
	"TxRefAmp": 367.933,
	"PhaseResolution": 0.8,
	"ReceiveCoilName": "HeadNeck_20",
	"ReceiveCoilActiveElements": "HE2,4",
	"CoilString": "HE2_4",
	"PulseSequenceDetails": "%SiemensSeq%_gre",
	"ConsistencyInfo": "N4_VD13A_LATEST_20120616",
	"PercentPhaseFOV": 100,
	"PhaseEncodingSteps": 256,
	"AcquisitionMatrixPE": 256,
	"ReconMatrixPE": 320,
	"ParallelReductionFactorInPlane": 2,
	"PixelBandwidth": 380,
	"DwellTime": 4.1e-06,
	"PhaseEncodingDirection": "i",
	"ImageOrientationPatientDICOM": [
		0.012942,
		0.994067,
		0.107999,
		0.00359743,
		0.107961,
		-0.994149	],
	"InPlanePhaseEncodingDirectionDICOM": "ROW",
	"ConversionSoftware": "dcm2niix",
	"ConversionSoftwareVersion": "v1.0.20181125  GCC5.3.1"
}
