{
	"Modality": "MR",
	"MagneticFieldStrength": 3,
	"ImagingFrequency": 123.229,
	"Manufacturer": "Siemens",
	"ManufacturersModelName": "Skyra",
	"InstitutionAddress": "Address",
	"DeviceSerialNumber": "45151",
	"StationName": "AWP45151",
	"BodyPartExamined": "BRAIN",
	"PatientPosition": "HFS",
	"ProcedureStepDescription": "IRM_CERVEAU",
	"SoftwareVersions": "syngo_MR_D13C",
	"MRAcquisitionType": "2D",
	"SeriesDescription": "t1_gre_tra_43_3",
	"ProtocolName": "t1_gre_tra_43_3",
	"ScanningSequence": "GR",
	"SequenceVariant": "SP_OSP",
	"SequenceName": "_fl2d1",
	"ImageType": ["ORIGINAL", "PRIMARY", "M", "ND", "NORM"],
	"SeriesNumber": 31,
	"AcquisitionTime": "13:10:19.727500",
	"AcquisitionNumber": 1,
	"SliceThickness": 3,
	"SpacingBetweenSlices": 3.3,
	"SAR": 0.580738,
	"EchoTime": 0.0026,
	"RepetitionTime": 0.4,
	"FlipAngle": 90,
	"PartialFourier": 1,
	"BaseResolution": 448,
	"ShimSetting": [
		477,
		2390,
		1777,
		-52,
		302,
		-59,
		-210,
		-174	],
	"TxRefAmp": 378.83,
	"PhaseResolution": 0.65,
	"PhaseOversampling": 0.03,
	"ReceiveCoilName": "Head_32",
	"ReceiveCoilActiveElements": "HEA;HEP",
	"PulseSequenceDetails": "%SiemensSeq%_gre",
	"ConsistencyInfo": "N4_VD13C_LATEST_20121124",
	"PercentPhaseFOV": 78.125,
	"PhaseEncodingSteps": 235,
	"AcquisitionMatrixPE": 227,
	"ReconMatrixPE": 448,
	"ParallelReductionFactorInPlane": 2,
	"PixelBandwidth": 385,
	"DwellTime": 2.9e-06,
	"PhaseEncodingDirection": "i",
	"ImageOrientationPatientDICOM": [
		0.998975,
		0.00919584,
		0.0443327,
		0.00229358,
		0.967622,
		-0.252395	],
	"InPlanePhaseEncodingDirectionDICOM": "ROW",
	"ConversionSoftware": "dcm2niix",
	"ConversionSoftwareVersion": "v1.0.20181114  GCC7.3.0"
}
