{
	"Modality": "MR",
	"MagneticFieldStrength": 1.5,
	"ImagingFrequency": 63.6693,
	"Manufacturer": "Siemens",
	"ManufacturersModelName": "Aera",
	"InstitutionAddress": "Address",
	"DeviceSerialNumber": "41200",
	"StationName": "AWP41200",
	"BodyPartExamined": "BRAIN",
	"PatientPosition": "HFS",
	"ProcedureStepDescription": "IRM_CERVEAU",
	"SoftwareVersions": "syngo_MR_E11",
	"MRAcquisitionType": "2D",
	"SeriesDescription": "t1_se_sag_p2",
	"ProtocolName": "t1_se_sag_p2",
	"ScanningSequence": "SE",
	"SequenceVariant": "SP",
	"SequenceName": "_se2d1",
	"ImageType": ["ORIGINAL", "PRIMARY", "M", "ND", "NORM"],
	"SeriesNumber": 8,
	"AcquisitionTime": "10:08:44.775000",
	"AcquisitionNumber": 1,
	"SliceThickness": 5,
	"SpacingBetweenSlices": 6.5,
	"SAR": 0.366022,
	"EchoTime": 0.0099,
	"RepetitionTime": 0.55,
	"FlipAngle": 90,
	"PartialFourier": 1,
	"Interpolation2D": 1,
	"BaseResolution": 256,
	"ShimSetting": [
		-888,
		5,
		4578,
		-1465,
		-48,
		13,
		19,
		132	],
	"TxRefAmp": 309.806,
	"PhaseResolution": 1,
	"ReceiveCoilName": "HeadNeck_20",
	"ReceiveCoilActiveElements": "HE1-4;NE1,2",
	"CoilString": "HE1-4;NE1_2",
	"PulseSequenceDetails": "%SiemensSeq%_tse",
	"ConsistencyInfo": "N4_VE11A_LATEST_20140830",
	"PercentPhaseFOV": 100,
	"PhaseEncodingSteps": 256,
	"AcquisitionMatrixPE": 256,
	"ReconMatrixPE": 512,
	"ParallelReductionFactorInPlane": 2,
	"PixelBandwidth": 190,
	"DwellTime": 1.02e-05,
	"PhaseEncodingDirection": "i",
	"ImageOrientationPatientDICOM": [
		-0.0453427,
		0.992325,
		0.115045,
		-0.172447,
		0.10566,
		-0.979336	],
	"InPlanePhaseEncodingDirectionDICOM": "ROW",
	"ConversionSoftware": "dcm2niix",
	"ConversionSoftwareVersion": "v1.0.20181114  GCC7.3.0"
}
