{
	"Modality": "MR",
	"MagneticFieldStrength": 3,
	"ImagingFrequency": 123.204,
	"Manufacturer": "Siemens",
	"ManufacturersModelName": "TrioTim",
	"InstitutionName": "CHUV",
	"InstitutionAddress": "Address",
	"DeviceSerialNumber": "35016",
	"StationName": "MRC35016",
	"PatientPosition": "HFS",
	"ProcedureStepDescription": "IRM_CERVEAU",
	"SoftwareVersions": "syngo_MR_B17",
	"MRAcquisitionType": "3D",
	"SeriesDescription": "TOF_3d_tra_we",
	"ProtocolName": "TOF_3d_tra_we",
	"ScanningSequence": "GR",
	"SequenceVariant": "TOF_SP_OSP",
	"ScanOptions": "PFP_SAT1",
	"SequenceName": "fl3d1r_t70",
	"ImageType": ["ORIGINAL", "PRIMARY", "M", "NORM", "DIS2D", "SH4", "3", "FIL"],
	"SeriesNumber": 14,
	"AcquisitionTime": "11:09:58.395000",
	"AcquisitionNumber": 1,
	"SliceThickness": 0.7,
	"SpacingBetweenSlices": 21,
	"SAR": 0.428209,
	"EchoTime": 0.00418,
	"RepetitionTime": 0.023,
	"FlipAngle": 18,
	"PartialFourier": 0.875,
	"BaseResolution": 448,
	"ShimSetting": [
		11105,
		-10043,
		-13546,
		406,
		-25,
		-1032,
		233,
		125	],
	"TxRefAmp": 299.742,
	"PhaseResolution": 0.7,
	"ReceiveCoilName": "NeckMatrix",
	"CoilString": "T:HEA;HEP;NE1_2",
	"PulseSequenceDetails": "%SiemensSeq%_fl_tof",
	"PercentPhaseFOV": 78.5714,
	"PhaseEncodingSteps": 216,
	"AcquisitionMatrixPE": 247,
	"ReconMatrixPE": 448,
	"PixelBandwidth": 177,
	"DwellTime": 6.3e-06,
	"ImageOrientationPatientDICOM": [
		0.998378,
		0.0568553,
		-0.00306953,
		-0.055818,
		0.987955,
		0.144323	],
	"InPlanePhaseEncodingDirectionDICOM": "ROW",
	"ConversionSoftware": "dcm2niix",
	"ConversionSoftwareVersion": "v1.0.20181125  GCC5.3.1"
}
