{
	"Modality": "MR",
	"MagneticFieldStrength": 3,
	"ImagingFrequency": 123.256,
	"Manufacturer": "Siemens",
	"ManufacturersModelName": "Verio",
	"InstitutionName": "Radiologie_CHUV",
	"InstitutionAddress": "Address",
	"DeviceSerialNumber": "40183",
	"StationName": "MRC40183",
	"PatientPosition": "HFS",
	"ProcedureStepDescription": "IRM_CERVEAU",
	"SoftwareVersions": "syngo_MR_B17",
	"MRAcquisitionType": "2D",
	"SeriesDescription": "T1_gre_sag_35_3",
	"ProtocolName": "T1_gre_sag_35_3",
	"ScanningSequence": "GR",
	"SequenceVariant": "SP_OSP",
	"SequenceName": "_fl2d1",
	"ImageType": ["ORIGINAL", "PRIMARY", "M", "ND", "NORM"],
	"SeriesNumber": 3,
	"AcquisitionTime": "07:54:24.267500",
	"AcquisitionNumber": 1,
	"SliceThickness": 3,
	"SpacingBetweenSlices": 3.9,
	"SAR": 0.42894,
	"EchoTime": 0.00272,
	"RepetitionTime": 0.4,
	"FlipAngle": 90,
	"PartialFourier": 1,
	"BaseResolution": 448,
	"ShimSetting": [
		-5031,
		9357,
		-7852,
		-21,
		179,
		63,
		88,
		-205	],
	"TxRefAmp": 533.924,
	"PhaseResolution": 0.65,
	"PhaseOversampling": 0.08,
	"ReceiveCoilName": "NeckMatrix",
	"CoilString": "T:HEA;HEP;NE1_2;SP1",
	"PulseSequenceDetails": "%SiemensSeq%_gre",
	"PercentPhaseFOV": 93.75,
	"PhaseEncodingSteps": 295,
	"AcquisitionMatrixPE": 273,
	"ReconMatrixPE": 448,
	"ParallelReductionFactorInPlane": 2,
	"PixelBandwidth": 319,
	"DwellTime": 3.5e-06,
	"PhaseEncodingDirection": "i",
	"ImageOrientationPatientDICOM": [
		1e-16,
		1,
		-1e-16,
		0.057564,
		-1e-16,
		-0.998342	],
	"InPlanePhaseEncodingDirectionDICOM": "ROW",
	"ConversionSoftware": "dcm2niix",
	"ConversionSoftwareVersion": "v1.0.20181125  GCC5.3.1"
}
