{
	"Modality": "MR",
	"MagneticFieldStrength": 3,
	"ImagingFrequency": 123.256,
	"Manufacturer": "Siemens",
	"ManufacturersModelName": "Verio",
	"InstitutionName": "Radiologie_CHUV",
	"InstitutionAddress": "Address",
	"DeviceSerialNumber": "40183",
	"StationName": "MRC40183",
	"PatientPosition": "HFS",
	"ProcedureStepDescription": "IRM_CERVEAU",
	"SoftwareVersions": "syngo_MR_B17",
	"MRAcquisitionType": "3D",
	"SeriesDescription": "AAHScout",
	"ProtocolName": "AAHScout",
	"ScanningSequence": "GR",
	"SequenceVariant": "SP",
	"ScanOptions": "PFP",
	"SequenceName": "fl3d1_ns",
	"ImageType": ["ORIGINAL", "PRIMARY", "M", "ND", "NORM"],
	"SeriesNumber": 1,
	"AcquisitionTime": "09:29:38.172500",
	"AcquisitionNumber": 1,
	"SliceThickness": 1.6,
	"SAR": 0.0225754,
	"EchoTime": 0.00137,
	"RepetitionTime": 0.00315,
	"FlipAngle": 8,
	"PartialFourier": 0.75,
	"BaseResolution": 160,
	"ShimSetting": [
		-5027,
		9352,
		-7850,
		-29,
		189,
		78,
		67,
		-203	],
	"TxRefAmp": 498.736,
	"PhaseResolution": 1,
	"ReceiveCoilName": "32Ch_Head",
	"CoilString": "C:HEA;HEP",
	"PulseSequenceDetails": "%SiemensSeq%_AALScout",
	"PercentPhaseFOV": 100,
	"PhaseEncodingSteps": 120,
	"AcquisitionMatrixPE": 160,
	"ReconMatrixPE": 160,
	"PixelBandwidth": 548,
	"DwellTime": 5.7e-06,
	"ImageOrientationPatientDICOM": [
		0,
		1,
		0,
		0,
		0,
		-1	],
	"InPlanePhaseEncodingDirectionDICOM": "ROW",
	"ConversionSoftware": "dcm2niix",
	"ConversionSoftwareVersion": "v1.0.20181125  GCC5.3.1"
}
