{
	"Modality": "MR",
	"MagneticFieldStrength": 3,
	"ImagingFrequency": 123.204,
	"Manufacturer": "Siemens",
	"ManufacturersModelName": "TrioTim",
	"InstitutionAddress": "Address",
	"DeviceSerialNumber": "35016",
	"StationName": "MRC35016",
	"PatientPosition": "HFS",
	"ProcedureStepDescription": "IRM_CERVEAU",
	"SoftwareVersions": "syngo_MR_B17",
	"MRAcquisitionType": "3D",
	"SeriesDescription": "TOF_3d_tra_we",
	"ProtocolName": "TOF_3d_tra_we",
	"ScanningSequence": "GR",
	"SequenceVariant": "TOF_SP_OSP",
	"ScanOptions": "PFP_SAT1",
	"SequenceName": "_fl3d1r_t70",
	"ImageType": ["ORIGINAL", "PRIMARY", "M", "NORM", "DIS2D", "SH4", "3", "FIL"],
	"SeriesNumber": 5,
	"AcquisitionTime": "09:34:22.380000",
	"AcquisitionNumber": 1,
	"SliceThickness": 0.7,
	"SpacingBetweenSlices": 21,
	"SAR": 0.613289,
	"EchoTime": 0.00418,
	"RepetitionTime": 0.023,
	"FlipAngle": 18,
	"PartialFourier": 0.875,
	"BaseResolution": 448,
	"ShimSetting": [
		11108,
		-9874,
		-13485,
		411,
		-72,
		-409,
		24,
		97	],
	"TxRefAmp": 330.795,
	"PhaseResolution": 0.7,
	"ReceiveCoilName": "32Ch_Head",
	"CoilString": "C:HEA;HEP",
	"PulseSequenceDetails": "%SiemensSeq%_fl_tof",
	"PercentPhaseFOV": 78.5714,
	"PhaseEncodingSteps": 216,
	"AcquisitionMatrixPE": 247,
	"ReconMatrixPE": 448,
	"PixelBandwidth": 177,
	"DwellTime": 6.3e-06,
	"ImageOrientationPatientDICOM": [
		0.999692,
		0.00697787,
		-0.0238037,
		-0.00697928,
		0.999976,
		2.37262e-05	],
	"InPlanePhaseEncodingDirectionDICOM": "ROW",
	"ConversionSoftware": "dcm2niix",
	"ConversionSoftwareVersion": "v1.0.20181125  GCC5.3.1"
}
