{
	"Modality": "MR",
	"MagneticFieldStrength": 3,
	"ImagingFrequency": 127.796,
	"Manufacturer": "Philips",
	"ManufacturersModelName": "Intera",
	"InstitutionName": "Radiologie_CHUV",
	"DeviceSerialNumber": "10736",
	"StationName": "philips_irm1",
	"BodyPartExamined": "BRAIN",
	"PatientPosition": "HFS",
	"ProcedureStepDescription": "IRM_CERVEAU",
	"SoftwareVersions": "2.6.3_2.6.3.5",
	"MRAcquisitionType": "3D",
	"SeriesDescription": "EPI_GRE_3D_Willis",
	"ProtocolName": "EPI_GRE_3D_Willis_SENSE",
	"ScanningSequence": "GR",
	"SequenceVariant": "SP",
	"ScanOptions": "SP",
	"ImageType": ["ORIGINAL", "PRIMARY", "M", "FFE", "M", "FFE"],
	"SeriesNumber": 1001,
	"AcquisitionTime": "12:12:24.100000",
	"AcquisitionNumber": 10,
	"PhilipsRescaleSlope": 3.17338,
	"PhilipsRescaleIntercept": 0,
	"PhilipsScaleSlope": 0.000635218,
	"UsePhilipsFloatNotDisplayScaling": 1,
	"SliceThickness": 1.1,
	"SpacingBetweenSlices": 0.55,
	"SAR": 3.19967,
	"EchoTime": 0.003075,
	"RepetitionTime": 0.017541,
	"FlipAngle": 20,
	"CoilString": "SENSE-Head-8",
	"PercentPhaseFOV": 89.4737,
	"PhaseEncodingSteps": 339,
	"AcquisitionMatrixPE": 339,
	"ReconMatrixPE": 512,
	"PixelBandwidth": 106,
	"ImageOrientationPatientDICOM": [
		0.989953,
		0.0857726,
		-0.11241,
		-0.120415,
		0.92812,
		-0.352268	],
	"InPlanePhaseEncodingDirectionDICOM": "ROW",
	"ConversionSoftware": "dcm2niix",
	"ConversionSoftwareVersion": "v1.0.20181125  GCC5.3.1"
}
