{
	"Modality": "MR",
	"MagneticFieldStrength": 3,
	"ImagingFrequency": 123.251,
	"Manufacturer": "Siemens",
	"ManufacturersModelName": "Skyra",
	"InstitutionAddress": "Address",
	"DeviceSerialNumber": "45335",
	"StationName": "AWP45335",
	"BodyPartExamined": "BRAIN",
	"PatientPosition": "HFS",
	"ProcedureStepDescription": "IRM_CERVEAU",
	"SoftwareVersions": "syngo_MR_D13",
	"MRAcquisitionType": "3D",
	"SeriesDescription": "TOF3d_Willis@",
	"ProtocolName": "TOF3d_Willis@",
	"ScanningSequence": "GR",
	"SequenceVariant": "SP_OSP",
	"ScanOptions": "PFP_SAT1",
	"SequenceName": "_fl3d1r_t70",
	"ImageType": ["ORIGINAL", "PRIMARY", "M", "ND", "NORM"],
	"SeriesNumber": 7,
	"AcquisitionTime": "12:26:43.522500",
	"AcquisitionNumber": 1,
	"SliceThickness": 0.5,
	"SpacingBetweenSlices": 16,
	"SAR": 0.336259,
	"EchoTime": 0.00343,
	"RepetitionTime": 0.021,
	"FlipAngle": 18,
	"PartialFourier": 0.875,
	"Interpolation2D": 1,
	"BaseResolution": 384,
	"ShimSetting": [
		-11128,
		14947,
		-15562,
		-79,
		-407,
		-206,
		312,
		-136	],
	"TxRefAmp": 304.179,
	"PhaseResolution": 0.95,
	"ReceiveCoilName": "Head_32",
	"ReceiveCoilActiveElements": "HEA;HEP",
	"PulseSequenceDetails": "%SiemensSeq%_fl_tof",
	"ConsistencyInfo": "N4_VD13A_LATEST_20120616",
	"PercentPhaseFOV": 75,
	"PhaseEncodingSteps": 240,
	"AcquisitionMatrixPE": 274,
	"ReconMatrixPE": 768,
	"PixelBandwidth": 185,
	"DwellTime": 7e-06,
	"ImageOrientationPatientDICOM": [
		0.995277,
		0.0177663,
		-0.0954368,
		-0.0281485,
		0.993691,
		-0.108567	],
	"InPlanePhaseEncodingDirectionDICOM": "ROW",
	"ConversionSoftware": "dcm2niix",
	"ConversionSoftwareVersion": "v1.0.20181114  GCC7.3.0"
}
