{
	"Modality": "MR",
	"MagneticFieldStrength": 3,
	"ImagingFrequency": 123.204,
	"Manufacturer": "Siemens",
	"ManufacturersModelName": "TrioTim",
	"InstitutionAddress": "Address",
	"DeviceSerialNumber": "35016",
	"StationName": "MRC35016",
	"PatientPosition": "HFS",
	"ProcedureStepDescription": "IRM_CERVEAU",
	"SoftwareVersions": "syngo_MR_B17",
	"MRAcquisitionType": "3D",
	"SeriesDescription": "TOF_3d_tra_we",
	"ProtocolName": "TOF_3d_tra_we",
	"ScanningSequence": "GR",
	"SequenceVariant": "TOF_SP_OSP",
	"ScanOptions": "PFP_SAT1",
	"SequenceName": "_fl3d1r_t70",
	"ImageType": ["ORIGINAL", "PRIMARY", "M", "NORM", "DIS2D", "SH4", "3", "FIL"],
	"SeriesNumber": 12,
	"AcquisitionTime": "10:18:17.537500",
	"AcquisitionNumber": 1,
	"SliceThickness": 0.7,
	"SpacingBetweenSlices": 21,
	"SAR": 0.450476,
	"EchoTime": 0.00418,
	"RepetitionTime": 0.023,
	"FlipAngle": 18,
	"PartialFourier": 0.875,
	"BaseResolution": 448,
	"ShimSetting": [
		11131,
		-10105,
		-13612,
		308,
		-34,
		-704,
		9,
		0	],
	"TxRefAmp": 287.116,
	"PhaseResolution": 0.7,
	"ReceiveCoilName": "NeckMatrix",
	"CoilString": "T:HEA;HEP;NE2",
	"PulseSequenceDetails": "%SiemensSeq%_fl_tof",
	"PercentPhaseFOV": 78.5714,
	"PhaseEncodingSteps": 216,
	"AcquisitionMatrixPE": 247,
	"ReconMatrixPE": 448,
	"PixelBandwidth": 177,
	"DwellTime": 6.3e-06,
	"ImageOrientationPatientDICOM": [
		0.998803,
		-0.0152092,
		0.0464897,
		0.00871642,
		0.990561,
		0.136798	],
	"InPlanePhaseEncodingDirectionDICOM": "ROW",
	"ConversionSoftware": "dcm2niix",
	"ConversionSoftwareVersion": "v1.0.20181125  GCC5.3.1"
}
