{
	"Modality": "MR",
	"MagneticFieldStrength": 3,
	"ImagingFrequency": 123.222,
	"Manufacturer": "Siemens",
	"ManufacturersModelName": "Skyra",
	"InstitutionName": "Radiologie_CHUV",
	"InstitutionAddress": "Address",
	"DeviceSerialNumber": "45151",
	"StationName": "MRC45151",
	"BodyPartExamined": "HEAD",
	"PatientPosition": "HFS",
	"ProcedureStepDescription": "IRM_CERVEAU",
	"SoftwareVersions": "syngo_MR_D11",
	"MRAcquisitionType": "3D",
	"SeriesDescription": "TOF3d_Willis",
	"ProtocolName": "TOF3d_Willis",
	"ScanningSequence": "GR",
	"SequenceVariant": "SP_OSP",
	"ScanOptions": "PFP_SAT1",
	"SequenceName": "_fl3d1r_t70",
	"ImageType": ["ORIGINAL", "PRIMARY", "M", "ND", "NORM"],
	"SeriesNumber": 14,
	"AcquisitionTime": "16:03:48.257500",
	"AcquisitionNumber": 1,
	"SliceThickness": 0.5,
	"SpacingBetweenSlices": 16,
	"SAR": 0.538466,
	"EchoTime": 0.00343,
	"RepetitionTime": 0.021,
	"FlipAngle": 18,
	"PartialFourier": 0.875,
	"Interpolation2D": 1,
	"BaseResolution": 384,
	"ShimSetting": [
		430,
		2387,
		1654,
		5,
		520,
		-74,
		-214,
		-69	],
	"TxRefAmp": 361.094,
	"PhaseResolution": 0.95,
	"ReceiveCoilName": "HeadNeck_20",
	"ReceiveCoilActiveElements": "HE3,4;NE1,2",
	"CoilString": "HE3_4;NE1_2",
	"PulseSequenceDetails": "%SiemensSeq%_fl_tof",
	"ConsistencyInfo": "N4_VD11D_LATEST_20110129",
	"PercentPhaseFOV": 84.8958,
	"PhaseEncodingSteps": 270,
	"AcquisitionMatrixPE": 310,
	"ReconMatrixPE": 768,
	"PixelBandwidth": 185,
	"DwellTime": 7e-06,
	"ImageOrientationPatientDICOM": [
		0.993245,
		-0.102054,
		0.0552162,
		0.106147,
		0.991354,
		-0.077136	],
	"InPlanePhaseEncodingDirectionDICOM": "ROW",
	"ConversionSoftware": "dcm2niix",
	"ConversionSoftwareVersion": "v1.0.20181125  GCC5.3.1"
}
