{
	"Modality": "MR",
	"MagneticFieldStrength": 3,
	"ImagingFrequency": 127.796,
	"Manufacturer": "Philips",
	"ManufacturersModelName": "Intera",
	"InstitutionName": "Radiologie_CHUV",
	"DeviceSerialNumber": "10736",
	"StationName": "philips_irm1",
	"BodyPartExamined": "HEAD",
	"PatientPosition": "HFS",
	"ProcedureStepDescription": "IRM_CERVEAU",
	"SoftwareVersions": "2.6.3_2.6.3.5",
	"MRAcquisitionType": "3D",
	"SeriesDescription": "T1_GRE_3D_SAG",
	"ProtocolName": "T1_GRE_3D_SAG_SENSE",
	"ScanningSequence": "GR",
	"SequenceVariant": "MP",
	"ScanOptions": "SP",
	"ImageType": ["ORIGINAL", "PRIMARY", "M", "FFE", "M", "FFE"],
	"SeriesNumber": 401,
	"AcquisitionTime": "11:57:53.070000",
	"AcquisitionNumber": 4,
	"PhilipsRescaleSlope": 6.54066,
	"PhilipsRescaleIntercept": 0,
	"PhilipsScaleSlope": 0.00127171,
	"UsePhilipsFloatNotDisplayScaling": 1,
	"SliceThickness": 0.85,
	"SpacingBetweenSlices": 0.85,
	"SAR": 0.362283,
	"EchoTime": 0.004603,
	"RepetitionTime": 0.0098603,
	"FlipAngle": 8,
	"CoilString": "SENSE-Head-8",
	"PercentPhaseFOV": 100,
	"EchoTrainLength": 175,
	"PhaseEncodingSteps": 257,
	"AcquisitionMatrixPE": 257,
	"ReconMatrixPE": 512,
	"PixelBandwidth": 159,
	"ImageOrientationPatientDICOM": [
		0.158609,
		0.923358,
		0.349648,
		-0.0772774,
		0.364654,
		-0.927931	],
	"InPlanePhaseEncodingDirectionDICOM": "ROW",
	"ConversionSoftware": "dcm2niix",
	"ConversionSoftwareVersion": "v1.0.20181125  GCC5.3.1"
}
