{
	"Modality": "MR",
	"MagneticFieldStrength": 1.5,
	"ImagingFrequency": 63.5619,
	"Manufacturer": "Siemens",
	"ManufacturersModelName": "Symphony",
	"InstitutionName": "Radiologie_CHUV",
	"InstitutionAddress": "Address",
	"DeviceSerialNumber": "14134",
	"StationName": "smrc",
	"PatientPosition": "HFS",
	"ProcedureStepDescription": "IRM_CERVEAU",
	"SoftwareVersions": "syngo_MR_2004A_4VA25A",
	"MRAcquisitionType": "3D",
	"SeriesDescription": "TOF_3d_tra_we",
	"ProtocolName": "TOF_3d_tra_we",
	"ScanningSequence": "GR",
	"SequenceVariant": "TOF_SP_OSP",
	"ScanOptions": "SAT1_WE",
	"SequenceName": "_fl3d1r_ts",
	"ImageType": ["ORIGINAL", "PRIMARY", "M", "ND"],
	"SeriesNumber": 4,
	"AcquisitionTime": "10:19:33.367510",
	"AcquisitionNumber": 1,
	"SliceThickness": 1,
	"SpacingBetweenSlices": 25,
	"SAR": 0.0599969,
	"EchoTime": 0.00502,
	"RepetitionTime": 0.039,
	"FlipAngle": 25,
	"PartialFourier": 0.75,
	"BaseResolution": 512,
	"ShimSetting": [
		-115,
		25,
		113,
		-43,
		642,
		-835,
		3433,
		-288	],
	"TxRefAmp": 289.146,
	"PhaseResolution": 0.450521,
	"ReceiveCoilName": "CP_HeadArray",
	"PulseSequenceDetails": "%SiemensSeq%_fl_tof",
	"PercentPhaseFOV": 75,
	"PhaseEncodingSteps": 138,
	"AcquisitionMatrixPE": 173,
	"ReconMatrixPE": 512,
	"PixelBandwidth": 65,
	"ImageOrientationPatientDICOM": [
		1,
		-2.05103e-10,
		0,
		2.05103e-10,
		1,
		0	],
	"InPlanePhaseEncodingDirectionDICOM": "ROW",
	"ConversionSoftware": "dcm2niix",
	"ConversionSoftwareVersion": "v1.0.20181125  GCC5.3.1"
}
