{
	"Modality": "MR",
	"MagneticFieldStrength": 3,
	"ImagingFrequency": 123.229,
	"Manufacturer": "Siemens",
	"ManufacturersModelName": "Skyra",
	"InstitutionAddress": "Address",
	"DeviceSerialNumber": "45151",
	"StationName": "AWP45151",
	"BodyPartExamined": "BRAIN",
	"PatientPosition": "HFS",
	"ProcedureStepDescription": "IRM_CERVEAU",
	"SoftwareVersions": "syngo_MR_D13C",
	"MRAcquisitionType": "3D",
	"SeriesDescription": "TOF_art_3d",
	"ProtocolName": "TOF_art_3d",
	"ScanningSequence": "GR",
	"SequenceVariant": "SP",
	"ScanOptions": "PFP_SAT1",
	"SequenceName": "_fl3d1r_t70",
	"ImageType": ["ORIGINAL", "PRIMARY", "M", "ND", "NORM"],
	"SeriesNumber": 7,
	"AcquisitionTime": "07:45:6.515000",
	"AcquisitionNumber": 1,
	"SliceThickness": 0.7,
	"SpacingBetweenSlices": 21,
	"SAR": 0.477264,
	"EchoTime": 0.0036,
	"RepetitionTime": 0.022,
	"FlipAngle": 18,
	"PartialFourier": 0.875,
	"Interpolation2D": 1,
	"BaseResolution": 448,
	"ShimSetting": [
		476,
		2386,
		1754,
		-51,
		284,
		-81,
		-227,
		-155	],
	"TxRefAmp": 347.108,
	"PhaseResolution": 0.7,
	"ReceiveCoilName": "Head_32",
	"ReceiveCoilActiveElements": "HEA;HEP",
	"PulseSequenceDetails": "%SiemensSeq%_fl_tof",
	"ConsistencyInfo": "N4_VD13C_LATEST_20121124",
	"PercentPhaseFOV": 80.3571,
	"PhaseEncodingSteps": 221,
	"AcquisitionMatrixPE": 252,
	"ReconMatrixPE": 896,
	"PixelBandwidth": 185,
	"DwellTime": 6e-06,
	"ImageOrientationPatientDICOM": [
		0.99915,
		0.0228399,
		-0.0343201,
		-0.0200569,
		0.996645,
		0.0793525	],
	"InPlanePhaseEncodingDirectionDICOM": "ROW",
	"ConversionSoftware": "dcm2niix",
	"ConversionSoftwareVersion": "v1.0.20181125  GCC5.3.1"
}
