{
	"Modality": "MR",
	"MagneticFieldStrength": 3,
	"ImagingFrequency": 127.796,
	"Manufacturer": "Philips",
	"ManufacturersModelName": "Intera",
	"InstitutionName": "Radiologie_CHUV",
	"DeviceSerialNumber": "10736",
	"StationName": "PHILIPS_IRM1",
	"BodyPartExamined": "BRAIN",
	"PatientPosition": "HFS",
	"ProcedureStepDescription": "IRM_CERVEAU",
	"SoftwareVersions": "2.6.1_2.6.1.1",
	"MRAcquisitionType": "3D",
	"SeriesDescription": "EPI_GRE_3D_Willis",
	"ProtocolName": "EPI_GRE_3D_Willis_SENSE",
	"ScanningSequence": "GR",
	"SequenceVariant": "SP",
	"ScanOptions": "SP",
	"ImageType": ["ORIGINAL", "PRIMARY", "M", "FFE", "M", "FFE"],
	"SeriesNumber": 501,
	"AcquisitionTime": "14:09:18.170000",
	"AcquisitionNumber": 5,
	"PhilipsRescaleSlope": 2.61709,
	"PhilipsRescaleIntercept": 0,
	"PhilipsScaleSlope": 0.000643303,
	"UsePhilipsFloatNotDisplayScaling": 1,
	"SliceThickness": 1.1,
	"SpacingBetweenSlices": 0.55,
	"SAR": 3.19661,
	"EchoTime": 0.00348978,
	"RepetitionTime": 0.0187348,
	"FlipAngle": 20,
	"CoilString": "SENSE-Head-8",
	"PercentPhaseFOV": 89.6552,
	"PhaseEncodingSteps": 355,
	"AcquisitionMatrixPE": 355,
	"ReconMatrixPE": 512,
	"PixelBandwidth": 86.702,
	"ImageOrientationPatientDICOM": [
		0.989476,
		0.0656633,
		-0.128937,
		-0.0982941,
		0.958962,
		-0.265952	],
	"InPlanePhaseEncodingDirectionDICOM": "ROW",
	"ConversionSoftware": "dcm2niix",
	"ConversionSoftwareVersion": "v1.0.20181125  GCC5.3.1"
}
