{
	"Modality": "MR",
	"MagneticFieldStrength": 3,
	"ImagingFrequency": 127.796,
	"Manufacturer": "Philips",
	"ManufacturersModelName": "Intera",
	"InstitutionName": "Radiologie_CHUV",
	"DeviceSerialNumber": "10736",
	"StationName": "PHILIPS_IRM1",
	"BodyPartExamined": "BRAIN",
	"PatientPosition": "HFS",
	"ProcedureStepDescription": "IRM_CERVEAU",
	"SoftwareVersions": "2.6.1_2.6.1.1",
	"MRAcquisitionType": "2D",
	"SeriesDescription": "T1_gre_sag_35-3",
	"ProtocolName": "T1_gre_sag_35-3_CLEAR",
	"ScanningSequence": "GR",
	"SequenceVariant": "SS",
	"ScanOptions": "PFF",
	"ImageType": ["ORIGINAL", "PRIMARY", "M", "FFE", "M", "FFE"],
	"SeriesNumber": 301,
	"AcquisitionTime": "14:03:47.930000",
	"AcquisitionNumber": 3,
	"PhilipsRescaleSlope": 3.13382,
	"PhilipsRescaleIntercept": 0,
	"PhilipsScaleSlope": 0.045134,
	"UsePhilipsFloatNotDisplayScaling": 1,
	"SliceThickness": 3,
	"SpacingBetweenSlices": 4,
	"SAR": 3.19999,
	"EchoTime": 0.00290807,
	"RepetitionTime": 0.378697,
	"FlipAngle": 90,
	"CoilString": "SENSE-Head-8",
	"PercentPhaseFOV": 95.1219,
	"PhaseEncodingSteps": 332,
	"AcquisitionMatrixPE": 332,
	"ReconMatrixPE": 784,
	"PixelBandwidth": 216.878,
	"PhaseEncodingAxis": "i",
	"ImageOrientationPatientDICOM": [
		-0.101265,
		0.956811,
		-0.272504,
		-0.0863645,
		-0.281333,
		-0.955716	],
	"InPlanePhaseEncodingDirectionDICOM": "ROW",
	"ConversionSoftware": "dcm2niix",
	"ConversionSoftwareVersion": "v1.0.20181125  GCC5.3.1"
}
