{
	"Modality": "MR",
	"MagneticFieldStrength": 3,
	"ImagingFrequency": 123.259,
	"Manufacturer": "Siemens",
	"ManufacturersModelName": "TrioTim",
	"InstitutionName": "Radiologie_CHUV",
	"InstitutionAddress": "Address",
	"DeviceSerialNumber": "35016",
	"StationName": "MRC35016",
	"PatientPosition": "HFS",
	"ProcedureStepDescription": "IRM_CERVEAU",
	"SoftwareVersions": "syngo_MR_B17",
	"MRAcquisitionType": "3D",
	"SeriesDescription": "TOF_3d_tra_we",
	"ProtocolName": "TOF_3d_tra_we",
	"ScanningSequence": "GR",
	"SequenceVariant": "TOF_SP_OSP",
	"ScanOptions": "PFP_SAT1",
	"SequenceName": "fl3d1r_t70",
	"ImageType": ["ORIGINAL", "PRIMARY", "M", "ND", "NORM", "SH4", "3", "FIL"],
	"SeriesNumber": 11,
	"AcquisitionTime": "14:34:18.357500",
	"AcquisitionNumber": 1,
	"SliceThickness": 0.7,
	"SpacingBetweenSlices": 21,
	"SAR": 0.523365,
	"EchoTime": 0.00418,
	"RepetitionTime": 0.023,
	"FlipAngle": 18,
	"PartialFourier": 0.875,
	"BaseResolution": 448,
	"ShimSetting": [
		11111,
		-10407,
		-13716,
		219,
		-222,
		-960,
		609,
		26	],
	"TxRefAmp": 270.347,
	"PhaseResolution": 0.7,
	"ReceiveCoilName": "NeckMatrix",
	"CoilString": "T:HEA;HEP;NE1_2",
	"PulseSequenceDetails": "%SiemensSeq%_fl_tof",
	"PercentPhaseFOV": 78.5714,
	"PhaseEncodingSteps": 216,
	"AcquisitionMatrixPE": 247,
	"ReconMatrixPE": 448,
	"PixelBandwidth": 177,
	"DwellTime": 6.3e-06,
	"ImageOrientationPatientDICOM": [
		0.999925,
		-0.0121385,
		-0.001383,
		0.012217,
		0.993498,
		0.113195	],
	"InPlanePhaseEncodingDirectionDICOM": "ROW",
	"ConversionSoftware": "dcm2niix",
	"ConversionSoftwareVersion": "v1.0.20181125  GCC5.3.1"
}
