{
	"Modality": "MR",
	"MagneticFieldStrength": 1.5,
	"ImagingFrequency": 63.5603,
	"Manufacturer": "Siemens",
	"ManufacturersModelName": "Symphony",
	"InstitutionName": "Radiologie_CHUV",
	"InstitutionAddress": "Address",
	"DeviceSerialNumber": "14134",
	"StationName": "smrc",
	"PatientPosition": "HFS",
	"ProcedureStepDescription": "IRM_CERVEAU",
	"SoftwareVersions": "syngo_MR_2004A_4VA25A",
	"MRAcquisitionType": "2D",
	"SeriesDescription": "T1_se_sag_25_5",
	"ProtocolName": "T1_se_sag_25_5",
	"ScanningSequence": "SE",
	"SequenceVariant": "SP",
	"SequenceName": "_se2d1",
	"ImageType": ["ORIGINAL", "PRIMARY", "M", "ND"],
	"SeriesNumber": 2,
	"AcquisitionTime": "13:28:37.862480",
	"AcquisitionNumber": 1,
	"SliceThickness": 5,
	"SpacingBetweenSlices": 6,
	"SAR": 0.214428,
	"EchoTime": 0.014,
	"RepetitionTime": 0.4,
	"FlipAngle": 90,
	"PartialFourier": 1,
	"Interpolation2D": 1,
	"BaseResolution": 256,
	"ShimSetting": [
		-60,
		-34,
		25,
		-53,
		332,
		66,
		-252,
		-70	],
	"TxRefAmp": 295.874,
	"PhaseResolution": 0.75,
	"ReceiveCoilName": "CP_HeadArray",
	"PulseSequenceDetails": "%SiemensSeq%_se",
	"PercentPhaseFOV": 100,
	"PhaseEncodingSteps": 192,
	"AcquisitionMatrixPE": 192,
	"ReconMatrixPE": 512,
	"PixelBandwidth": 90,
	"PhaseEncodingDirection": "i",
	"ImageOrientationPatientDICOM": [
		0.0157073,
		0.999877,
		-3.21614e-08,
		-0.080189,
		0.00125968,
		-0.996779	],
	"InPlanePhaseEncodingDirectionDICOM": "ROW",
	"ConversionSoftware": "dcm2niix",
	"ConversionSoftwareVersion": "v1.0.20181125  GCC5.3.1"
}
