{
	"Modality": "MR",
	"MagneticFieldStrength": 3,
	"ImagingFrequency": 127.796,
	"Manufacturer": "Philips",
	"ManufacturersModelName": "Intera",
	"InstitutionName": "Radiologie_CHUV",
	"DeviceSerialNumber": "10736",
	"StationName": "philips_irm1",
	"BodyPartExamined": "HEAD_AND_NECK",
	"PatientPosition": "HFS",
	"ProcedureStepDescription": "IRM_CERVEAU",
	"SoftwareVersions": "2.6.3_2.6.3.5",
	"MRAcquisitionType": "2D",
	"SeriesDescription": "T1_gre_sag_35-3",
	"ProtocolName": "T1_gre_sag_35-3_CLEAR",
	"ScanningSequence": "GR",
	"SequenceVariant": "SS",
	"ScanOptions": "PFF",
	"ImageType": ["ORIGINAL", "PRIMARY", "M", "FFE", "M", "FFE"],
	"SeriesNumber": 401,
	"AcquisitionTime": "14:45:11.100000",
	"AcquisitionNumber": 4,
	"PhilipsRescaleSlope": 5.12283,
	"PhilipsRescaleIntercept": 0,
	"PhilipsScaleSlope": 0.0739133,
	"UsePhilipsFloatNotDisplayScaling": 1,
	"SliceThickness": 3,
	"SpacingBetweenSlices": 4,
	"SAR": 3.19999,
	"EchoTime": 0.002908,
	"RepetitionTime": 0.378697,
	"FlipAngle": 90,
	"CoilString": "SENSE-NV-16",
	"PercentPhaseFOV": 95.1219,
	"PhaseEncodingSteps": 332,
	"AcquisitionMatrixPE": 332,
	"ReconMatrixPE": 784,
	"PixelBandwidth": 217,
	"PhaseEncodingAxis": "i",
	"ImageOrientationPatientDICOM": [
		-0.083862,
		0.995738,
		0.0383743,
		0.121398,
		0.0484322,
		-0.991422	],
	"InPlanePhaseEncodingDirectionDICOM": "ROW",
	"ConversionSoftware": "dcm2niix",
	"ConversionSoftwareVersion": "v1.0.20181125  GCC5.3.1"
}
