{
	"Modality": "MR",
	"MagneticFieldStrength": 3,
	"ImagingFrequency": 127.796,
	"Manufacturer": "Philips",
	"ManufacturersModelName": "Intera",
	"InstitutionName": "Radiologie_CHUV",
	"DeviceSerialNumber": "10736",
	"StationName": "philips_irm1",
	"BodyPartExamined": "BRAIN",
	"PatientPosition": "HFS",
	"ProcedureStepDescription": "IRM_CERVEAU",
	"SoftwareVersions": "2.6.3_2.6.3.5",
	"MRAcquisitionType": "3D",
	"SeriesDescription": "EPI_GRE_3D_Willis",
	"ProtocolName": "EPI_GRE_3D_Willis_SENSE",
	"ScanningSequence": "GR",
	"SequenceVariant": "SP",
	"ScanOptions": "SP",
	"ImageType": ["ORIGINAL", "PRIMARY", "M", "FFE", "M", "FFE"],
	"SeriesNumber": 501,
	"AcquisitionTime": "10:38:18.150000",
	"AcquisitionNumber": 5,
	"PhilipsRescaleSlope": 3.02735,
	"PhilipsRescaleIntercept": 0,
	"PhilipsScaleSlope": 0.00117401,
	"UsePhilipsFloatNotDisplayScaling": 1,
	"SliceThickness": 1.1,
	"SpacingBetweenSlices": 0.55,
	"SAR": 3.19897,
	"EchoTime": 0.003356,
	"RepetitionTime": 0.0181904,
	"FlipAngle": 20,
	"CoilString": "SENSE-NV-16",
	"PercentPhaseFOV": 89.6552,
	"PhaseEncodingSteps": 355,
	"AcquisitionMatrixPE": 355,
	"ReconMatrixPE": 512,
	"PixelBandwidth": 87,
	"ImageOrientationPatientDICOM": [
		0.998379,
		7.22162e-06,
		-0.0569116,
		1.44537e-05,
		1,
		0.000380448	],
	"InPlanePhaseEncodingDirectionDICOM": "ROW",
	"ConversionSoftware": "dcm2niix",
	"ConversionSoftwareVersion": "v1.0.20181125  GCC5.3.1"
}
