{
	"Modality": "MR",
	"MagneticFieldStrength": 3,
	"ImagingFrequency": 127.796,
	"Manufacturer": "Philips",
	"ManufacturersModelName": "Intera",
	"InstitutionName": "Radiologie_CHUV",
	"DeviceSerialNumber": "10736",
	"StationName": "philips_irm1",
	"BodyPartExamined": "BRAIN",
	"PatientPosition": "HFS",
	"ProcedureStepDescription": "IRM_CERVEAU",
	"SoftwareVersions": "2.6.3_2.6.3.5",
	"MRAcquisitionType": "2D",
	"SeriesDescription": "T1_gre_sag_35-3",
	"ProtocolName": "T1_gre_sag_35-3_CLEAR",
	"ScanningSequence": "GR",
	"SequenceVariant": "SS",
	"ScanOptions": "PFF",
	"ImageType": ["ORIGINAL", "PRIMARY", "M", "FFE", "M", "FFE"],
	"SeriesNumber": 301,
	"AcquisitionTime": "11:44:38.840000",
	"AcquisitionNumber": 3,
	"PhilipsRescaleSlope": 4.18974,
	"PhilipsRescaleIntercept": 0,
	"PhilipsScaleSlope": 0.0515293,
	"UsePhilipsFloatNotDisplayScaling": 1,
	"SliceThickness": 3,
	"SpacingBetweenSlices": 4,
	"SAR": 3.19999,
	"EchoTime": 0.002908,
	"RepetitionTime": 0.378697,
	"FlipAngle": 90,
	"CoilString": "SENSE-Head-8",
	"PercentPhaseFOV": 95.1219,
	"PhaseEncodingSteps": 332,
	"AcquisitionMatrixPE": 332,
	"ReconMatrixPE": 784,
	"PixelBandwidth": 217,
	"PhaseEncodingAxis": "i",
	"ImageOrientationPatientDICOM": [
		-0.0377853,
		0.993832,
		-0.104256,
		0.0277374,
		-0.103247,
		-0.994269	],
	"InPlanePhaseEncodingDirectionDICOM": "ROW",
	"ConversionSoftware": "dcm2niix",
	"ConversionSoftwareVersion": "v1.0.20181125  GCC5.3.1"
}
