{
	"Modality": "MR",
	"MagneticFieldStrength": 1.5,
	"ImagingFrequency": 63.6696,
	"Manufacturer": "Siemens",
	"ManufacturersModelName": "Aera",
	"InstitutionAddress": "Address",
	"DeviceSerialNumber": "41200",
	"StationName": "AWP41200",
	"BodyPartExamined": "BRAIN",
	"PatientPosition": "HFS",
	"ProcedureStepDescription": "IRM_CERVEAU",
	"SoftwareVersions": "syngo_MR_D13",
	"MRAcquisitionType": "2D",
	"SeriesDescription": "t1_tse_sag_43_3",
	"ProtocolName": "t1_tse_sag_43_3",
	"ScanningSequence": "SE",
	"SequenceVariant": "SK_SP_OSP",
	"SequenceName": "_tse2d1rr3",
	"ImageType": ["ORIGINAL", "PRIMARY", "M", "ND", "NORM"],
	"SeriesNumber": 5,
	"AcquisitionTime": "14:58:16.402500",
	"AcquisitionNumber": 1,
	"SliceThickness": 3,
	"SpacingBetweenSlices": 3.3,
	"SAR": 0.402938,
	"EchoTime": 0.0082,
	"RepetitionTime": 0.477,
	"FlipAngle": 150,
	"PartialFourier": 1,
	"BaseResolution": 320,
	"ShimSetting": [
		-897,
		-1,
		4565,
		-1461,
		-34,
		8,
		31,
		129	],
	"TxRefAmp": 311.613,
	"PhaseResolution": 0.8,
	"PhaseOversampling": 0.1,
	"ReceiveCoilName": "HeadNeck_20",
	"ReceiveCoilActiveElements": "HE1-4;NE1,2",
	"CoilString": "HE1-4;NE1_2",
	"PulseSequenceDetails": "%SiemensSeq%_tse",
	"ConsistencyInfo": "N4_VD13A_LATEST_20120616",
	"PercentPhaseFOV": 90.625,
	"EchoTrainLength": 3,
	"PhaseEncodingSteps": 259,
	"AcquisitionMatrixPE": 232,
	"ReconMatrixPE": 320,
	"ParallelReductionFactorInPlane": 2,
	"PixelBandwidth": 300,
	"DwellTime": 5.2e-06,
	"PhaseEncodingDirection": "i",
	"ImageOrientationPatientDICOM": [
		0.00850355,
		0.998336,
		0.0570416,
		0.0951118,
		0.0559775,
		-0.993891	],
	"InPlanePhaseEncodingDirectionDICOM": "ROW",
	"ConversionSoftware": "dcm2niix",
	"ConversionSoftwareVersion": "v1.0.20181114  GCC7.3.0"
}
