{
	"Modality": "MR",
	"MagneticFieldStrength": 3,
	"ImagingFrequency": 127.796,
	"Manufacturer": "Philips",
	"ManufacturersModelName": "Intera",
	"InstitutionName": "Radiologie_CHUV",
	"DeviceSerialNumber": "10736",
	"StationName": "philips_irm1",
	"BodyPartExamined": "BRAIN",
	"PatientPosition": "HFS",
	"ProcedureStepDescription": "IRM_CERVEAU",
	"SoftwareVersions": "2.6.3_2.6.3.5",
	"MRAcquisitionType": "3D",
	"SeriesDescription": "EPI_GRE_3D_Willis",
	"ProtocolName": "EPI_GRE_3D_Willis_SENSE",
	"ScanningSequence": "GR",
	"SequenceVariant": "SP",
	"ScanOptions": "SP",
	"ImageType": ["ORIGINAL", "PRIMARY", "M", "FFE", "M", "FFE"],
	"SeriesNumber": 701,
	"AcquisitionTime": "08:25:11.600000",
	"AcquisitionNumber": 7,
	"PhilipsRescaleSlope": 3.37216,
	"PhilipsRescaleIntercept": 0,
	"PhilipsScaleSlope": 0.000673937,
	"UsePhilipsFloatNotDisplayScaling": 1,
	"SliceThickness": 1.1,
	"SpacingBetweenSlices": 0.55,
	"SAR": 3.19527,
	"EchoTime": 0.003387,
	"RepetitionTime": 0.0182115,
	"FlipAngle": 20,
	"CoilString": "SENSE-Head-8",
	"PercentPhaseFOV": 89.6552,
	"PhaseEncodingSteps": 355,
	"AcquisitionMatrixPE": 355,
	"ReconMatrixPE": 512,
	"PixelBandwidth": 87,
	"ImageOrientationPatientDICOM": [
		0.997467,
		0.0665762,
		0.0250271,
		-0.0661009,
		0.997625,
		-0.0193656	],
	"InPlanePhaseEncodingDirectionDICOM": "ROW",
	"ConversionSoftware": "dcm2niix",
	"ConversionSoftwareVersion": "v1.0.20181125  GCC5.3.1"
}
