{
	"Modality": "MR",
	"MagneticFieldStrength": 3,
	"ImagingFrequency": 123.248,
	"Manufacturer": "Siemens",
	"ManufacturersModelName": "Skyra",
	"InstitutionAddress": "Address",
	"DeviceSerialNumber": "45335",
	"StationName": "AWP45335",
	"BodyPartExamined": "BRAIN",
	"PatientPosition": "HFS",
	"ProcedureStepDescription": "IRM_CERVEAU",
	"SoftwareVersions": "syngo_MR_D13",
	"MRAcquisitionType": "3D",
	"SeriesDescription": "TOF3d_Willis@",
	"ProtocolName": "TOF3d_Willis@",
	"ScanningSequence": "GR",
	"SequenceVariant": "SP_OSP",
	"ScanOptions": "PFP_SAT1",
	"SequenceName": "_fl3d1r_t70",
	"ImageType": ["ORIGINAL", "PRIMARY", "M", "ND", "NORM"],
	"SeriesNumber": 9,
	"AcquisitionTime": "13:48:14.432500",
	"AcquisitionNumber": 1,
	"SliceThickness": 0.5,
	"SpacingBetweenSlices": 16,
	"SAR": 0.397134,
	"EchoTime": 0.00343,
	"RepetitionTime": 0.021,
	"FlipAngle": 18,
	"PartialFourier": 0.875,
	"Interpolation2D": 1,
	"BaseResolution": 384,
	"ShimSetting": [
		-11217,
		14976,
		-15531,
		-75,
		-265,
		-133,
		322,
		-93	],
	"TxRefAmp": 315.209,
	"PhaseResolution": 0.95,
	"ReceiveCoilName": "Head_32",
	"ReceiveCoilActiveElements": "HEA;HEP",
	"PulseSequenceDetails": "%SiemensSeq%_fl_tof",
	"ConsistencyInfo": "N4_VD13A_LATEST_20120616",
	"PercentPhaseFOV": 81.25,
	"PhaseEncodingSteps": 259,
	"AcquisitionMatrixPE": 296,
	"ReconMatrixPE": 768,
	"PixelBandwidth": 185,
	"DwellTime": 7e-06,
	"ImageOrientationPatientDICOM": [
		1,
		-2.05103e-10,
		0,
		2.05103e-10,
		1,
		0	],
	"InPlanePhaseEncodingDirectionDICOM": "ROW",
	"ConversionSoftware": "dcm2niix",
	"ConversionSoftwareVersion": "v1.0.20181125  GCC5.3.1"
}
