{
	"Modality": "MR",
	"MagneticFieldStrength": 3,
	"ImagingFrequency": 127.796,
	"Manufacturer": "Philips",
	"ManufacturersModelName": "Intera",
	"InstitutionName": "CHUV_Lausanne",
	"DeviceSerialNumber": "10736",
	"StationName": "PHILIPS_IRM1",
	"BodyPartExamined": "HEAD",
	"PatientPosition": "HFS",
	"ProcedureStepDescription": "IRM_CERVEAU",
	"SoftwareVersions": "2.6.1_2.6.1.1",
	"MRAcquisitionType": "3D",
	"SeriesDescription": "EPI_GRE_3D_Willis",
	"ProtocolName": "EPI_GRE_3D_Willis_SENSE",
	"ScanningSequence": "GR",
	"SequenceVariant": "SP",
	"ScanOptions": "SP",
	"ImageType": ["ORIGINAL", "PRIMARY", "M", "FFE", "M", "FFE"],
	"SeriesNumber": 501,
	"AcquisitionTime": "10:54:5.640000",
	"AcquisitionNumber": 5,
	"PhilipsRescaleSlope": 3.65495,
	"PhilipsRescaleIntercept": 0,
	"PhilipsScaleSlope": 0.00137604,
	"UsePhilipsFloatNotDisplayScaling": 1,
	"SliceThickness": 1.1,
	"SpacingBetweenSlices": 0.55,
	"SAR": 3.2,
	"EchoTime": 0.00336878,
	"RepetitionTime": 0.0182952,
	"FlipAngle": 20,
	"CoilString": "SENSE-NV-16",
	"PercentPhaseFOV": 89.6552,
	"PhaseEncodingSteps": 355,
	"AcquisitionMatrixPE": 355,
	"ReconMatrixPE": 512,
	"PixelBandwidth": 86.702,
	"ImageOrientationPatientDICOM": [
		0.990289,
		0.00605849,
		0.138893,
		0.00247667,
		0.998123,
		-0.0611964	],
	"InPlanePhaseEncodingDirectionDICOM": "ROW",
	"ConversionSoftware": "dcm2niix",
	"ConversionSoftwareVersion": "v1.0.20181125  GCC5.3.1"
}
