{
	"Modality": "MR",
	"MagneticFieldStrength": 3,
	"ImagingFrequency": 123.222,
	"Manufacturer": "Siemens",
	"ManufacturersModelName": "Skyra",
	"InstitutionName": "Radiologie_CHUV",
	"InstitutionAddress": "Address",
	"DeviceSerialNumber": "45151",
	"StationName": "MRC45151",
	"BodyPartExamined": "HEAD",
	"PatientPosition": "HFS",
	"ProcedureStepDescription": "IRM_CERVEAU",
	"SoftwareVersions": "syngo_MR_D11",
	"MRAcquisitionType": "3D",
	"SeriesDescription": "TOF3d_Willis",
	"ProtocolName": "TOF3d_Willis",
	"ScanningSequence": "GR",
	"SequenceVariant": "SP_OSP",
	"ScanOptions": "PFP_SAT1",
	"SequenceName": "_fl3d1r_t70",
	"ImageType": ["ORIGINAL", "PRIMARY", "M", "ND", "NORM"],
	"SeriesNumber": 7,
	"AcquisitionTime": "14:04:26.305000",
	"AcquisitionNumber": 1,
	"SliceThickness": 0.5,
	"SpacingBetweenSlices": 16,
	"SAR": 0.507583,
	"EchoTime": 0.00343,
	"RepetitionTime": 0.021,
	"FlipAngle": 18,
	"PartialFourier": 0.875,
	"Interpolation2D": 1,
	"BaseResolution": 384,
	"ShimSetting": [
		430,
		2387,
		1654,
		5,
		520,
		-74,
		-214,
		-69	],
	"TxRefAmp": 322.339,
	"PhaseResolution": 0.95,
	"ReceiveCoilName": "Head_32",
	"ReceiveCoilActiveElements": "HEA;HEP",
	"PulseSequenceDetails": "%SiemensSeq%_fl_tof",
	"ConsistencyInfo": "N4_VD11D_LATEST_20110129",
	"PercentPhaseFOV": 84.8958,
	"PhaseEncodingSteps": 270,
	"AcquisitionMatrixPE": 310,
	"ReconMatrixPE": 768,
	"PixelBandwidth": 185,
	"DwellTime": 7e-06,
	"ImageOrientationPatientDICOM": [
		0.992412,
		0.0650522,
		0.104344,
		-0.0187967,
		0.918879,
		-0.394092	],
	"InPlanePhaseEncodingDirectionDICOM": "ROW",
	"ConversionSoftware": "dcm2niix",
	"ConversionSoftwareVersion": "v1.0.20181125  GCC5.3.1"
}
