{
	"Modality": "MR",
	"MagneticFieldStrength": 3,
	"ImagingFrequency": 123.252,
	"Manufacturer": "Siemens",
	"ManufacturersModelName": "Prisma_fit",
	"InstitutionAddress": "Address",
	"DeviceSerialNumber": "67014",
	"StationName": "MRAWP67014",
	"BodyPartExamined": "BRAIN",
	"PatientPosition": "HFS",
	"ProcedureStepDescription": "IRM_CERVEAU",
	"SoftwareVersions": "syngo_MR_D13D",
	"MRAcquisitionType": "3D",
	"SeriesDescription": "TOF_3D_multi-slab",
	"ProtocolName": "TOF_3D_multi-slab",
	"ScanningSequence": "GR",
	"SequenceVariant": "SP_OSP",
	"ScanOptions": "SAT1",
	"SequenceName": "_fl3d1r_t50",
	"ImageType": ["ORIGINAL", "PRIMARY", "M", "ND", "NORM"],
	"SeriesNumber": 7,
	"AcquisitionTime": "08:38:43.445000",
	"AcquisitionNumber": 1,
	"SliceThickness": 0.53,
	"SpacingBetweenSlices": 16.96,
	"SAR": 0.319138,
	"EchoTime": 0.0033,
	"RepetitionTime": 0.02,
	"FlipAngle": 18,
	"PartialFourier": 1,
	"Interpolation2D": 1,
	"BaseResolution": 384,
	"ShimSetting": [
		8213,
		-5519,
		-6213,
		120,
		-22,
		-8,
		-5,
		14	],
	"TxRefAmp": 219.839,
	"PhaseResolution": 0.8,
	"ReceiveCoilName": "HeadNeck_64",
	"ReceiveCoilActiveElements": "HC3-7",
	"PulseSequenceDetails": "%SiemensSeq%_fl_tof",
	"ConsistencyInfo": "N4_VD13D_LATEST_20130810",
	"PercentPhaseFOV": 77.0833,
	"PhaseEncodingSteps": 236,
	"AcquisitionMatrixPE": 237,
	"ReconMatrixPE": 768,
	"PixelBandwidth": 185,
	"DwellTime": 7e-06,
	"ImageOrientationPatientDICOM": [
		0.998556,
		0.0247645,
		0.0476807,
		-0.0237071,
		0.999463,
		-0.0226158	],
	"InPlanePhaseEncodingDirectionDICOM": "ROW",
	"ConversionSoftware": "dcm2niix",
	"ConversionSoftwareVersion": "v1.0.20181114  GCC7.3.0"
}
