{
	"Modality": "MR",
	"MagneticFieldStrength": 1.5,
	"ImagingFrequency": 63.6695,
	"Manufacturer": "Siemens",
	"ManufacturersModelName": "Aera",
	"InstitutionAddress": "Address",
	"DeviceSerialNumber": "41200",
	"StationName": "AWP41200",
	"BodyPartExamined": "BRAIN",
	"PatientPosition": "HFS",
	"ProcedureStepDescription": "IRM_CERVEAU",
	"SoftwareVersions": "syngo_MR_D13",
	"MRAcquisitionType": "3D",
	"SeriesDescription": "TOF_art_3D",
	"ProtocolName": "TOF_art_3D",
	"ScanningSequence": "GR",
	"SequenceVariant": "SP_OSP",
	"ScanOptions": "PFP_SAT1",
	"SequenceName": "_fl3d1r_t50",
	"ImageType": ["ORIGINAL", "PRIMARY", "M", "ND", "NORM"],
	"SeriesNumber": 7,
	"AcquisitionTime": "07:35:5.915000",
	"AcquisitionNumber": 1,
	"SliceThickness": 0.7,
	"SpacingBetweenSlices": 21,
	"SAR": 0.0795915,
	"EchoTime": 0.007,
	"RepetitionTime": 0.026,
	"FlipAngle": 25,
	"PartialFourier": 0.875,
	"BaseResolution": 384,
	"ShimSetting": [
		-897,
		-1,
		4565,
		-1461,
		-34,
		8,
		31,
		129	],
	"TxRefAmp": 319.998,
	"PhaseResolution": 0.7,
	"ReceiveCoilName": "HeadNeck_20",
	"ReceiveCoilActiveElements": "HE3,4;NE1,2",
	"CoilString": "HE3_4;NE1_2",
	"PulseSequenceDetails": "%SiemensSeq%_fl_tof",
	"ConsistencyInfo": "N4_VD13A_LATEST_20120616",
	"PercentPhaseFOV": 79.6875,
	"PhaseEncodingSteps": 188,
	"AcquisitionMatrixPE": 214,
	"ReconMatrixPE": 384,
	"PixelBandwidth": 100,
	"DwellTime": 1.3e-05,
	"ImageOrientationPatientDICOM": [
		0.996931,
		0.0731854,
		0.0277995,
		-0.07321,
		0.997317,
		-0.000132911	],
	"InPlanePhaseEncodingDirectionDICOM": "ROW",
	"ConversionSoftware": "dcm2niix",
	"ConversionSoftwareVersion": "v1.0.20181114  GCC7.3.0"
}
