{
	"Modality": "MR",
	"MagneticFieldStrength": 3,
	"ImagingFrequency": 123.251,
	"Manufacturer": "Siemens",
	"ManufacturersModelName": "Skyra",
	"InstitutionAddress": "Address",
	"DeviceSerialNumber": "45335",
	"StationName": "AWP45335",
	"BodyPartExamined": "BRAIN",
	"PatientPosition": "HFS",
	"ProcedureStepDescription": "IRM_CERVEAU",
	"SoftwareVersions": "syngo_MR_D13",
	"MRAcquisitionType": "3D",
	"SeriesDescription": "T1_MPRAGE_morpho_sag_32_canaux_@_wip",
	"ProtocolName": "T1_MPRAGE_morpho_sag_32_canaux_@_wip",
	"ScanningSequence": "GR_IR",
	"SequenceVariant": "SK_SP_MP",
	"ScanOptions": "IR",
	"SequenceName": "tfl3d1_16ns",
	"ImageType": ["ORIGINAL", "PRIMARY", "M", "NORM", "DIS3D", "DIS2D"],
	"SeriesNumber": 5,
	"AcquisitionTime": "15:17:28.877500",
	"AcquisitionNumber": 1,
	"ImageComments": "Image_quality:_to_be_confirmed",
	"SliceThickness": 1.2,
	"SAR": 0.0596715,
	"EchoTime": 0.00296,
	"RepetitionTime": 2.3,
	"InversionTime": 0.9,
	"FlipAngle": 9,
	"PartialFourier": 1,
	"BaseResolution": 256,
	"ShimSetting": [
		-11157,
		14946,
		-15255,
		130,
		-270,
		-530,
		532,
		-232	],
	"TxRefAmp": 322.446,
	"PhaseResolution": 1,
	"ReceiveCoilName": "Spine_32",
	"ReceiveCoilActiveElements": "HEA;HEP;SP1",
	"PulseSequenceDetails": "%CustomerSeq%_tfl_wip900d13a",
	"WipMemBlock": "WIP_Identifier: WIP#900_VD13A_SP4",
	"ConsistencyInfo": "N4_VD13A_LATEST_20120616",
	"PercentPhaseFOV": 93.75,
	"PhaseEncodingSteps": 239,
	"AcquisitionMatrixPE": 240,
	"ReconMatrixPE": 256,
	"PixelBandwidth": 240,
	"DwellTime": 8.1e-06,
	"ImageOrientationPatientDICOM": [
		-0.0674476,
		0.9911,
		-0.114765,
		-0.0471068,
		-0.118062,
		-0.991888	],
	"InPlanePhaseEncodingDirectionDICOM": "ROW",
	"ConversionSoftware": "dcm2niix",
	"ConversionSoftwareVersion": "v1.0.20181114  GCC7.3.0"
}
